GEM
  remote: https://rubygems.org/
  specs:
    colorize (0.8.1)
    ethon (0.16.0)
      ffi (>= 1.15.0)
    ffi (1.15.5)
    logger (1.5.3)
    typhoeus (1.4.0)
      ethon (>= 0.9.0)

PLATFORMS
  x86_64-linux

DEPENDENCIES
  colorize
  logger
  typhoeus

BUNDLED WITH
   2.4.10
